PATH
  remote: .
  specs:
    acts_as_archival (0.5.3)
      activerecord

GEM
  remote: https://rubygems.org/
  specs:
    activemodel (4.1.0)
      activesupport (= 4.1.0)
      builder (~> 3.1)
    activerecord (4.1.0)
      activemodel (= 4.1.0)
      activesupport (= 4.1.0)
      arel (~> 5.0.0)
    activesupport (4.1.0)
      i18n (~> 0.6, >= 0.6.9)
      json (~> 1.7, >= 1.7.7)
      minitest (~> 5.1)
      thread_safe (~> 0.1)
      tzinfo (~> 1.1)
    arel (5.0.0)
    assertions-eb (1.7.3)
    builder (3.2.2)
    database_cleaner (1.2.0)
    highline (1.6.21)
    i18n (0.6.9)
    json (1.8.1)
    minitest (5.3.2)
    mysql2 (0.3.15)
    pg (0.17.1)
    rake (10.2.2)
    rr (1.1.2)
    sqlite3 (1.3.9)
    thread_safe (0.3.3)
    tzinfo (1.1.0)
      thread_safe (~> 0.1)

PLATFORMS
  ruby

DEPENDENCIES
  acts_as_archival!
  assertions-eb
  database_cleaner
  highline
  mysql2
  pg
  rake
  rr
  sqlite3
