PATH
  remote: .
  specs:
    acts_as_archival (0.4.1)
      activerecord

GEM
  remote: https://rubygems.org/
  specs:
    activemodel (3.2.2)
      activesupport (= 3.2.2)
      builder (~> 3.0.0)
    activerecord (3.2.2)
      activemodel (= 3.2.2)
      activesupport (= 3.2.2)
      arel (~> 3.0.2)
      tzinfo (~> 0.3.29)
    activesupport (3.2.2)
      i18n (~> 0.6)
      multi_json (~> 1.0)
    arel (3.0.2)
    assertions-eb (1.7.3)
    builder (3.0.0)
    database_cleaner (0.7.1)
    highline (1.6.11)
    i18n (0.6.0)
    multi_json (1.1.0)
    mysql2 (0.3.11)
    rake (0.9.2.2)
    rr (1.0.4)
    tzinfo (0.3.31)

PLATFORMS
  ruby

DEPENDENCIES
  acts_as_archival!
  assertions-eb
  database_cleaner
  highline
  mysql2
  rake
  rr
