PATH
  remote: .
  specs:
    acts_as_archival (0.5.1)
      activerecord

GEM
  remote: https://rubygems.org/
  specs:
    activemodel (3.2.13)
      activesupport (= 3.2.13)
      builder (~> 3.0.0)
    activerecord (3.2.13)
      activemodel (= 3.2.13)
      activesupport (= 3.2.13)
      arel (~> 3.0.2)
      tzinfo (~> 0.3.29)
    activesupport (3.2.13)
      i18n (= 0.6.1)
      multi_json (~> 1.0)
    arel (3.0.2)
    assertions-eb (1.7.3)
    builder (3.0.4)
    database_cleaner (1.0.1)
    highline (1.6.19)
    i18n (0.6.1)
    multi_json (1.7.3)
    mysql2 (0.3.11)
    rake (10.0.4)
    rr (1.0.5)
    tzinfo (0.3.37)

PLATFORMS
  ruby

DEPENDENCIES
  acts_as_archival!
  assertions-eb
  database_cleaner
  highline
  mysql2
  rake
  rr
